GEM
  remote: https://rubygems.org/
  specs:
    addressable (2.2.6)
    bson (1.4.0)
    bson_ext (1.4.0)
    coffee-script (2.2.0)
      coffee-script-source
      execjs
    coffee-script-source (1.1.3)
    daemon_controller (1.1.7)
    dalli (1.1.3)
    em-websocket (0.3.5)
      addressable (>= 2.1.1)
      eventmachine (>= 0.12.9)
    eventmachine (0.12.10)
    execjs (1.2.12)
      multi_json (~> 1.0)
    guard (0.8.8)
      thor (~> 0.14.6)
    guard-coffeescript (0.5.2)
      coffee-script (>= 2.2.0)
      guard (>= 0.8.3)
    guard-livereload (0.3.1)
      em-websocket (>= 0.2.0)
      guard (>= 0.4.0)
      multi_json (~> 1.0.3)
    guard-sass (0.5.4)
      guard (>= 0.4.0)
      sass (>= 3.1)
    guard-shell (0.1.1)
      guard (>= 0.2.0)
    haml (3.1.4)
    mime-types (1.17.2)
    mongo (1.4.0)
      bson (= 1.4.0)
    mongodb (2.0.2)
      mongo (~> 1.4)
    mongodb_model (2.0.2)
      mongodb
      ruby_ext
      validatable2
    multi_json (1.0.4)
    oa-core (0.3.2)
    oa-openid (0.3.2)
      oa-core (= 0.3.2)
      rack-openid (~> 1.3.1)
      ruby-openid-apps-discovery (~> 1.2.0)
    passenger (4.0.21)
      daemon_controller (>= 1.1.0)
      rack
      rake (>= 0.8.1)
    rack (1.3.5)
    rack-cache (1.1)
      rack (>= 0.4)
    rack-openid (1.3.1)
      rack (>= 1.1.0)
      ruby-openid (>= 2.1.8)
    rack-protection (1.1.4)
      rack
    rake (0.9.2.2)
    rest-client (1.6.7)
      mime-types (>= 1.16)
    ruby-openid (2.1.8)
    ruby-openid-apps-discovery (1.2.0)
      ruby-openid (>= 2.1.7)
    ruby_ext (4.0.2)
    sass (3.1.11)
    sinatra (1.3.1)
      rack (~> 1.3, >= 1.3.4)
      rack-protection (~> 1.1, >= 1.1.2)
      tilt (~> 1.3, >= 1.3.3)
    thor (0.14.6)
    tilt (1.3.3)
    validatable2 (0.0.13)
    yajl-ruby (1.1.0)

PLATFORMS
  ruby

DEPENDENCIES
  bson (~> 1.4.0)
  bson_ext (~> 1.4.0)
  dalli (~> 1.1.3)
  guard (~> 0.8)
  guard-coffeescript (~> 0.5)
  guard-livereload (~> 0.3)
  guard-sass (~> 0.5)
  guard-shell (~> 0.1)
  haml (~> 3.1)
  mongo (~> 1.4.0)
  mongodb_model (~> 2.0)
  oa-openid (~> 0.3)
  passenger
  rack-cache (~> 1.1)
  rake
  rest-client (~> 1.6.7)
  sass (~> 3.1)
  sinatra (~> 1.3)
  yajl-ruby (~> 1.1.0)
