GEM
  remote: http://rubygems.org/
  specs:
    addressable (2.2.6)
    bson (1.4.0)
    bson_ext (1.4.0)
    daemons (1.1.4)
    em-websocket (0.3.5)
      addressable (>= 2.1.1)
      eventmachine (>= 0.12.9)
    eventmachine (0.12.10)
    foreman (0.26.1)
      term-ansicolor (~> 1.0.5)
      thor (>= 0.13.6)
    guard (0.8.8)
      thor (~> 0.14.6)
    guard-livereload (0.3.1)
      em-websocket (>= 0.2.0)
      guard (>= 0.4.0)
      multi_json (~> 1.0.3)
    guard-sass (0.5.4)
      guard (>= 0.4.0)
      sass (>= 3.1)
    guard-shell (0.1.1)
      guard (>= 0.2.0)
    haml (3.1.4)
    heroku (2.14.0)
      launchy (>= 0.3.2)
      rest-client (~> 1.6.1)
      rubyzip
      term-ansicolor (~> 1.0.5)
    launchy (2.0.5)
      addressable (~> 2.2.6)
    mime-types (1.17.2)
    mongo (1.4.0)
      bson (= 1.4.0)
    mongodb (2.0.2)
      mongo (~> 1.4)
    mongodb_model (2.0.2)
      mongodb
      ruby_ext
      validatable2
    multi_json (1.0.4)
    oa-core (0.3.2)
    oa-openid (0.3.2)
      oa-core (= 0.3.2)
      rack-openid (~> 1.3.1)
      ruby-openid-apps-discovery (~> 1.2.0)
    rack (1.3.5)
    rack-openid (1.3.1)
      rack (>= 1.1.0)
      ruby-openid (>= 2.1.8)
    rack-protection (1.1.4)
      rack
    rake (0.9.2.2)
    rb-fsevent (0.4.3.1)
    rest-client (1.6.7)
      mime-types (>= 1.16)
    ruby-openid (2.1.8)
    ruby-openid-apps-discovery (1.2.0)
      ruby-openid (>= 2.1.7)
    ruby_ext (4.0.2)
    rubyzip (0.9.5)
    sass (3.1.11)
    sinatra (1.3.1)
      rack (~> 1.3, >= 1.3.4)
      rack-protection (~> 1.1, >= 1.1.2)
      tilt (~> 1.3, >= 1.3.3)
    term-ansicolor (1.0.7)
    thin (1.3.1)
      daemons (>= 1.0.9)
      eventmachine (>= 0.12.6)
      rack (>= 1.0.0)
    thor (0.14.6)
    tilt (1.3.3)
    validatable2 (0.0.13)
    yajl-ruby (1.1.0)

PLATFORMS
  ruby

DEPENDENCIES
  bson (~> 1.4.0)
  bson_ext (~> 1.4.0)
  foreman
  guard (~> 0.8)
  guard-livereload (~> 0.3)
  guard-sass (~> 0.5)
  guard-shell (~> 0.1)
  haml (~> 3.1)
  heroku
  mongo (~> 1.4.0)
  mongodb_model (~> 2.0)
  oa-openid (~> 0.3)
  rake
  rb-fsevent (~> 0.4.3.1)
  rest-client (~> 1.6.7)
  sass (~> 3.1)
  sinatra (~> 1.3)
  thin (~> 1.3.1)
  yajl-ruby (~> 1.1.0)
