GEM
  remote: https://rubygems.org/
  specs:
    bson (1.4.0)
    bson_ext (1.4.0)
    coffee-script (2.2.0)
      coffee-script-source
      execjs
    coffee-script-source (1.6.3)
    daemon_controller (1.1.7)
    dalli (1.1.5)
    em-websocket (0.5.0)
      eventmachine (>= 0.12.9)
      http_parser.rb (~> 0.5.3)
    eventmachine (1.0.3)
    execjs (2.0.2)
    ffi (1.9.0)
    guard (0.10.0)
      ffi (>= 0.5.0)
      thor (~> 0.14.6)
    guard-coffeescript (0.6.0)
      coffee-script (>= 2.2.0)
      guard (>= 0.8.3)
    guard-livereload (0.4.2)
      em-websocket (>= 0.2.0)
      guard (>= 0.10.0)
      multi_json (~> 1.0)
    guard-sass (0.6.0)
      guard (>= 0.4.0)
      sass (>= 3.1)
    guard-shell (0.4.0)
      guard (>= 0.2.0)
    haml (3.1.8)
    http_parser.rb (0.5.3)
    mime-types (1.25)
    mongo (1.4.0)
      bson (= 1.4.0)
    mongodb (2.0.2)
      mongo (~> 1.4)
    mongodb_model (2.0.2)
      mongodb
      ruby_ext
      validatable2
    multi_json (1.8.2)
    oa-core (0.3.2)
    oa-openid (0.3.2)
      oa-core (= 0.3.2)
      rack-openid (~> 1.3.1)
      ruby-openid-apps-discovery (~> 1.2.0)
    passenger (4.0.21)
      daemon_controller (>= 1.1.0)
      rack
      rake (>= 0.8.1)
    rack (1.5.2)
    rack-cache (1.2)
      rack (>= 0.4)
    rack-openid (1.3.1)
      rack (>= 1.1.0)
      ruby-openid (>= 2.1.8)
    rack-protection (1.5.1)
      rack
    rake (10.1.0)
    rest-client (1.6.7)
      mime-types (>= 1.16)
    ruby-openid (2.3.0)
    ruby-openid-apps-discovery (1.2.0)
      ruby-openid (>= 2.1.7)
    ruby_ext (4.0.3)
    sass (3.2.12)
    sinatra (1.4.4)
      rack (~> 1.4)
      rack-protection (~> 1.4)
      tilt (~> 1.3, >= 1.3.4)
    thor (0.14.6)
    tilt (1.4.1)
    validatable2 (0.0.14)
    yajl-ruby (1.1.0)

PLATFORMS
  ruby

DEPENDENCIES
  bson (~> 1.4.0)
  bson_ext (~> 1.4.0)
  dalli (~> 1.1.3)
  guard (~> 0.8)
  guard-coffeescript (~> 0.5)
  guard-livereload (~> 0.3)
  guard-sass (~> 0.5)
  guard-shell (~> 0.1)
  haml (~> 3.1)
  mongo (~> 1.4.0)
  mongodb_model (~> 2.0.2)
  oa-openid (~> 0.3)
  passenger
  rack-cache (~> 1.1)
  rake
  rest-client (~> 1.6.7)
  sass (~> 3.1)
  sinatra (~> 1.3)
  yajl-ruby (~> 1.1.0)
